GEM
  remote: https://rubygems.org/
  specs:
    activemodel (4.2.5)
      activesupport (= 4.2.5)
      builder (~> 3.1)
    activerecord (4.2.5)
      activemodel (= 4.2.5)
      activesupport (= 4.2.5)
      arel (~> 6.0)
    activesupport (4.2.5)
      i18n (~> 0.7)
      json (~> 1.7, >= 1.7.7)
      minitest (~> 5.1)
      thread_safe (~> 0.3, >= 0.3.4)
      tzinfo (~> 1.1)
    arel (6.0.3)
    ast (2.1.0)
    astrolabe (1.3.1)
      parser (~> 2.2)
    bcrypt (3.1.10)
    better_errors (2.1.1)
      coderay (>= 1.0.0)
      erubis (>= 2.6.6)
      rack (>= 0.9.0)
    builder (3.2.2)
    coderay (1.1.0)
    docile (1.1.5)
    enumerable-lazy (0.0.1)
    erubis (2.7.0)
    i18n (0.7.0)
    json (1.8.3)
    mail (2.5.4)
      mime-types (~> 1.16)
      treetop (~> 1.4.8)
    metaclass (0.0.4)
    method_source (0.8.2)
    mime-types (1.25.1)
    mini_portile2 (2.0.0)
    minitest (5.8.3)
    mocha (1.1.0)
      metaclass (~> 0.0.1)
    moneta (0.7.20)
    mustermann19 (0.4.0)
      enumerable-lazy
    nokogiri (1.6.7)
      mini_portile2 (~> 2.0.0.rc2)
    padrino (0.13.0)
      padrino-admin (= 0.13.0)
      padrino-cache (= 0.13.0)
      padrino-core (= 0.13.0)
      padrino-gen (= 0.13.0)
      padrino-helpers (= 0.13.0)
      padrino-mailer (= 0.13.0)
      padrino-support (= 0.13.0)
    padrino-admin (0.13.0)
      padrino-core (= 0.13.0)
      padrino-helpers (= 0.13.0)
    padrino-cache (0.13.0)
      moneta (~> 0.7.0)
      padrino-core (= 0.13.0)
      padrino-helpers (= 0.13.0)
    padrino-core (0.13.0)
      activesupport (>= 3.1)
      mustermann19
      padrino-support (= 0.13.0)
      rack-protection (>= 1.5.0)
      sinatra (~> 1.4.6)
      thor (~> 0.18)
    padrino-gen (0.13.0)
      bundler (~> 1.0)
      padrino-core (= 0.13.0)
    padrino-helpers (0.13.0)
      i18n (~> 0.6, >= 0.6.7)
      padrino-support (= 0.13.0)
      tilt (~> 1.4.1)
    padrino-mailer (0.13.0)
      mail (~> 2.5.3)
      padrino-core (= 0.13.0)
    padrino-support (0.13.0)
      activesupport (>= 3.1)
    parser (2.2.3.0)
      ast (>= 1.1, < 3.0)
    pg (0.18.4)
    polyglot (0.3.5)
    power_assert (0.2.6)
    powerpack (0.1.1)
    pry (0.10.3)
      coderay (~> 1.1.0)
      method_source (~> 0.8.1)
      slop (~> 3.4)
    pry-padrino (0.1.2)
      pry (>= 0.8)
    rack (1.6.4)
    rack-protection (1.5.3)
      rack
    rack-test (0.6.3)
      rack (>= 1.0)
    rainbow (2.0.0)
    rake (10.4.2)
    rb-readline (0.5.3)
    rubocop (0.35.1)
      astrolabe (~> 1.3)
      parser (>= 2.2.3.0, < 3.0)
      powerpack (~> 0.1)
      rainbow (>= 1.99.1, < 3.0)
      ruby-progressbar (~> 1.7)
      tins (<= 1.6.0)
    ruby-progressbar (1.7.5)
    sass (3.4.19)
    simplecov (0.11.1)
      docile (~> 1.1.0)
      json (~> 1.8)
      simplecov-html (~> 0.10.0)
    simplecov-html (0.10.0)
    sinatra (1.4.6)
      rack (~> 1.4)
      rack-protection (~> 1.4)
      tilt (>= 1.3, < 3)
    slop (3.6.0)
    sqlite3 (1.3.11)
    test-unit (3.1.5)
      power_assert
    thor (0.19.1)
    thread_safe (0.3.5)
    tilt (1.4.1)
    tins (1.6.0)
    treetop (1.4.15)
      polyglot
      polyglot (>= 0.3.1)
    tzinfo (1.2.2)
      thread_safe (~> 0.1)

PLATFORMS
  ruby

DEPENDENCIES
  activerecord (>= 3.1)
  bcrypt
  better_errors
  mocha
  nokogiri
  padrino (= 0.13.0)
  pg
  pry
  pry-padrino
  rack-test
  rake
  rb-readline
  rubocop
  sass
  simplecov
  sqlite3
  test-unit

BUNDLED WITH
   1.10.6
